GEM
  remote: https://rubygems.org/
  specs:
    activesupport (5.0.0.1)
      concurrent-ruby (~> 1.0, >= 1.0.2)
      i18n (~> 0.7)
      minitest (~> 5.1)
      tzinfo (~> 1.1)
    concurrent-ruby (1.0.2)
    i18n (0.7.0)
    minitest (5.9.1)
    rack (1.6.5)
    rack-attack (5.0.1)
      rack
    rack-cors (0.4.0)
    rack-protection (1.5.3)
      rack
    rack-proxy (0.6.0)
      rack
    rack-reverse-proxy (0.11.0)
      rack (>= 1.0.0)
      rack-proxy (~> 0.5, >= 0.5.14)
    sinatra (1.4.7)
      rack (~> 1.5)
      rack-protection (~> 1.4)
      tilt (>= 1.3, < 3)
    thread_safe (0.3.5)
    tilt (2.0.5)
    tzinfo (1.2.2)
      thread_safe (~> 0.1)

PLATFORMS
  ruby

DEPENDENCIES
  activesupport
  rack-attack
  rack-cors
  rack-reverse-proxy
  sinatra

BUNDLED WITH
   1.13.6
